GEM
  specs:

PLATFORMS
  x64-mingw-ucrt
  x86_64-linux

DEPENDENCIES

BUNDLED WITH
   2.2.32
